GIT
  remote: git://github.com/gokulnath/fakefs.git
  revision: 14f7091d501bdf76bed01259a5a98fbc17e102da
  branch: realdirpath
  specs:
    fakefs (0.5.2)

PATH
  remote: .
  specs:
    colloquy (1.0.0)
      activesupport (~> 4.1.1)
      em-http-request
      em-redis (~> 0.3.0)
      em-synchrony
      eventmachine
      goliath
      url-agent
      yajl-ruby

GEM
  remote: https://rubygems.org/
  specs:
    activemodel (4.1.1)
      activesupport (= 4.1.1)
      builder (~> 3.1)
    activerecord (4.1.1)
      activemodel (= 4.1.1)
      activesupport (= 4.1.1)
      arel (~> 5.0.0)
    activesupport (4.1.1)
      i18n (~> 0.6, >= 0.6.9)
      json (~> 1.7, >= 1.7.7)
      minitest (~> 5.1)
      thread_safe (~> 0.1)
      tzinfo (~> 1.1)
    addressable (2.3.6)
    arel (5.0.1.20140414130214)
    async-rack (0.5.1)
      rack (~> 1.1)
    builder (3.2.2)
    ci_reporter (1.7.0)
      builder (>= 2.1.2)
    cookiejar (0.3.2)
    diff-lcs (1.2.5)
    em-http-request (1.1.2)
      addressable (>= 2.3.4)
      cookiejar
      em-socksify (>= 0.3)
      eventmachine (>= 1.0.3)
      http_parser.rb (>= 0.6.0)
    em-redis (0.3.0)
      eventmachine
    em-socksify (0.3.0)
      eventmachine (>= 1.0.0.beta.4)
    em-synchrony (1.0.3)
      eventmachine (>= 1.0.0.beta.1)
    em-websocket (0.3.8)
      addressable (>= 2.1.1)
      eventmachine (>= 0.12.9)
    eventmachine (1.0.3)
    ffi (1.1.4)
    flog (2.5.3)
      ruby_parser (~> 2.0)
      sexp_processor (~> 3.0)
    goliath (1.0.4)
      async-rack
      em-synchrony (>= 1.0.0)
      em-websocket (= 0.3.8)
      eventmachine (>= 1.0.0.beta.4)
      http_parser.rb (= 0.6.0)
      log4r
      multi_json
      rack (>= 1.2.2)
      rack-contrib
      rack-respond_to
    guard (1.3.0)
      listen (>= 0.4.2)
      thor (>= 0.14.6)
    guard-rspec (1.2.1)
      guard (>= 1.1)
    http_parser.rb (0.6.0)
    i18n (0.6.9)
    json (1.8.1)
    listen (0.4.7)
      rb-fchange (~> 0.0.5)
      rb-fsevent (~> 0.9.1)
      rb-inotify (~> 0.8.8)
    log4r (1.1.10)
    minitest (5.3.4)
    msgpack (0.4.7)
    multi_json (1.10.1)
    mysql2 (0.3.16)
    rack (1.5.2)
    rack-accept-media-types (0.9)
    rack-contrib (1.1.0)
      rack (>= 0.9.1)
    rack-respond_to (0.9.8)
      rack-accept-media-types (>= 0.6)
    rake (0.9.2.2)
    random-word-generator (0.0.1)
      sqlite3-ruby (>= 1.2.1)
    rb-fchange (0.0.5)
      ffi
    rb-fsevent (0.9.1)
    rb-inotify (0.8.8)
      ffi (>= 0.5.0)
    rbtrace (0.3.18)
      ffi (>= 1.0.6)
      msgpack (>= 0.4.3)
      trollop (>= 1.16.2)
    redcarpet (2.1.1)
    rspec (2.14.1)
      rspec-core (~> 2.14.0)
      rspec-expectations (~> 2.14.0)
      rspec-mocks (~> 2.14.0)
    rspec-core (2.14.8)
    rspec-expectations (2.14.5)
      diff-lcs (>= 1.1.3, < 2.0)
    rspec-mocks (2.14.6)
    ruby-prof (0.11.2)
    ruby_parser (2.3.1)
      sexp_processor (~> 3.0)
    sexp_processor (3.2.0)
    simplecov (0.6.4)
      multi_json (~> 1.0)
      simplecov-html (~> 0.5.3)
    simplecov-html (0.5.3)
    simplecov-rcov (0.2.3)
      simplecov (>= 0.4.1)
    sqlite3 (1.3.6)
    sqlite3-ruby (1.3.3)
      sqlite3 (>= 1.3.3)
    thor (0.15.4)
    thread_safe (0.3.4)
    trollop (1.16.2)
    tzinfo (1.2.1)
      thread_safe (~> 0.1)
    url-agent (1.0.0)
      activesupport
      em-http-request
      em-synchrony
      eventmachine (~> 1.0.0.beta)
    yajl-ruby (1.2.1)
    yard (0.8.2.1)

PLATFORMS
  ruby

DEPENDENCIES
  activerecord (~> 4.1.1)
  ci_reporter
  colloquy!
  diff-lcs
  fakefs!
  flog
  guard
  guard-rspec
  mysql2
  rake
  random-word-generator
  rbtrace
  redcarpet
  rspec
  ruby-prof
  simplecov
  simplecov-rcov
  yard
