GIT
  remote: git://github.com/gokulnath/fakefs.git
  revision: 14f7091d501bdf76bed01259a5a98fbc17e102da
  branch: realdirpath
  specs:
    fakefs (0.5.2)

PATH
  remote: .
  specs:
    colloquy (1.0.0)
      activesupport (~> 4.1.1)
      em-http-request
      em-redis (~> 0.3.0)
      em-synchrony
      eventmachine
      goliath
      url-agent
      yajl-ruby

GEM
  remote: https://rubygems.org/
  specs:
    activemodel (4.1.4)
      activesupport (= 4.1.4)
      builder (~> 3.1)
    activerecord (4.1.4)
      activemodel (= 4.1.4)
      activesupport (= 4.1.4)
      arel (~> 5.0.0)
    activesupport (4.1.4)
      i18n (~> 0.6, >= 0.6.9)
      json (~> 1.7, >= 1.7.7)
      minitest (~> 5.1)
      thread_safe (~> 0.1)
      tzinfo (~> 1.1)
    addressable (2.3.6)
    arel (5.0.1.20140414130214)
    async-rack (0.5.1)
      rack (~> 1.1)
    builder (3.2.2)
    celluloid (0.15.2)
      timers (~> 1.1.0)
    ci_reporter (1.9.2)
      builder (>= 2.1.2)
    coderay (1.1.0)
    cookiejar (0.3.2)
    diff-lcs (1.2.5)
    docile (1.1.5)
    em-http-request (1.1.2)
      addressable (>= 2.3.4)
      cookiejar
      em-socksify (>= 0.3)
      eventmachine (>= 1.0.3)
      http_parser.rb (>= 0.6.0)
    em-redis (0.3.0)
      eventmachine
    em-socksify (0.3.0)
      eventmachine (>= 1.0.0.beta.4)
    em-synchrony (1.0.3)
      eventmachine (>= 1.0.0.beta.1)
    em-websocket (0.3.8)
      addressable (>= 2.1.1)
      eventmachine (>= 0.12.9)
    eventmachine (1.0.3)
    ffi (1.9.3)
    flog (4.2.1)
      ruby_parser (~> 3.1, > 3.1.0)
      sexp_processor (~> 4.4)
    formatador (0.2.5)
    goliath (1.0.4)
      async-rack
      em-synchrony (>= 1.0.0)
      em-websocket (= 0.3.8)
      eventmachine (>= 1.0.0.beta.4)
      http_parser.rb (= 0.6.0)
      log4r
      multi_json
      rack (>= 1.2.2)
      rack-contrib
      rack-respond_to
    guard (2.6.1)
      formatador (>= 0.2.4)
      listen (~> 2.7)
      lumberjack (~> 1.0)
      pry (>= 0.9.12)
      thor (>= 0.18.1)
    guard-rspec (4.2.10)
      guard (~> 2.1)
      rspec (>= 2.14, < 4.0)
    http_parser.rb (0.6.0)
    i18n (0.6.9)
    json (1.8.1)
    listen (2.7.9)
      celluloid (>= 0.15.2)
      rb-fsevent (>= 0.9.3)
      rb-inotify (>= 0.9)
    log4r (1.1.10)
    lumberjack (1.0.9)
    method_source (0.8.2)
    minitest (5.3.5)
    msgpack (0.5.8)
    multi_json (1.10.1)
    mysql2 (0.3.16)
    pry (0.10.0)
      coderay (~> 1.1.0)
      method_source (~> 0.8.1)
      slop (~> 3.4)
    rack (1.5.2)
    rack-accept-media-types (0.9)
    rack-contrib (1.1.0)
      rack (>= 0.9.1)
    rack-respond_to (0.9.8)
      rack-accept-media-types (>= 0.6)
    rake (10.3.2)
    random-word-generator (0.0.1)
      sqlite3-ruby (>= 1.2.1)
    rb-fsevent (0.9.4)
    rb-inotify (0.9.5)
      ffi (>= 0.5.0)
    rbtrace (0.4.4)
      ffi (>= 1.0.6)
      msgpack (>= 0.4.3)
      trollop (>= 1.16.2)
    redcarpet (3.1.2)
    rspec (3.0.0)
      rspec-core (~> 3.0.0)
      rspec-expectations (~> 3.0.0)
      rspec-mocks (~> 3.0.0)
    rspec-core (3.0.2)
      rspec-support (~> 3.0.0)
    rspec-expectations (3.0.2)
      diff-lcs (>= 1.2.0, < 2.0)
      rspec-support (~> 3.0.0)
    rspec-mocks (3.0.2)
      rspec-support (~> 3.0.0)
    rspec-support (3.0.2)
    ruby-prof (0.15.1)
    ruby_parser (3.6.1)
      sexp_processor (~> 4.1)
    sexp_processor (4.4.3)
    simplecov (0.8.2)
      docile (~> 1.1.0)
      multi_json
      simplecov-html (~> 0.8.0)
    simplecov-html (0.8.0)
    simplecov-rcov (0.2.3)
      simplecov (>= 0.4.1)
    slop (3.5.0)
    sqlite3 (1.3.9)
    sqlite3-ruby (1.3.3)
      sqlite3 (>= 1.3.3)
    thor (0.19.1)
    thread_safe (0.3.4)
    timers (1.1.0)
    trollop (2.0)
    tzinfo (1.2.1)
      thread_safe (~> 0.1)
    url-agent (1.0.0)
      activesupport
      em-http-request
      em-synchrony
      eventmachine (~> 1.0.0.beta)
    yajl-ruby (1.2.1)
    yard (0.8.7.4)

PLATFORMS
  ruby

DEPENDENCIES
  activerecord (~> 4.1.1)
  ci_reporter
  colloquy!
  diff-lcs
  fakefs!
  flog
  guard
  guard-rspec
  mysql2
  rake
  random-word-generator
  rbtrace
  redcarpet
  rspec
  ruby-prof
  simplecov
  simplecov-rcov
  yard
